GEM
  remote: http://rubygems.org/
  specs:
    minitest (5.0.8)

PLATFORMS
  ruby

DEPENDENCIES
  minitest
