GEM
  remote: http://rubygems.org/
  specs:
    coderay (1.0.9)
    method_source (0.8.1)
    minitest (5.0.8)
    pry (0.9.12.2)
      coderay (~> 1.0.5)
      method_source (~> 0.8)
      slop (~> 3.4)
    slop (3.4.5)

PLATFORMS
  ruby

DEPENDENCIES
  minitest
  pry
