GEM
  remote: http://rubygems.org/
  specs:
    minitest (4.3.2)

PLATFORMS
  ruby

DEPENDENCIES
  minitest
